PATH
  remote: .
  specs:
    turbot (0.1.0)
      activesupport (= 4.1.4)
      excon
      json-schema
      launchy (>= 0.3.2)
      netrc (~> 0.7.7)
      rest-client (~> 1.6.1)
      rubyzip (>= 1.0.0)
      turbot-api (= 0.0.14)
      turbot-runner (= 0.1.0)

GEM
  remote: https://rubygems.org/
  specs:
    activesupport (4.1.4)
      i18n (~> 0.6, >= 0.6.9)
      json (~> 1.7, >= 1.7.7)
      minitest (~> 5.1)
      thread_safe (~> 0.1)
      tzinfo (~> 1.1)
    addressable (2.3.2)
    arr-pm (0.0.7)
      cabin (> 0)
    aws-s3 (0.6.3)
      builder
      mime-types
      xml-simple
    backports (2.3.0)
    builder (3.1.4)
    cabin (0.4.4)
      json
    clamp (0.5.0)
    coderay (1.1.0)
    columnize (0.8.9)
    crack (0.3.2)
    debugger (1.6.8)
      columnize (>= 0.3.1)
      debugger-linecache (~> 1.2.0)
      debugger-ruby_core_source (~> 1.3.5)
    debugger-linecache (1.2.0)
    debugger-ruby_core_source (1.3.5)
    diff-lcs (1.1.3)
    excon (0.33.0)
    fakefs (0.4.2)
    fpm (0.4.6)
      arr-pm (~> 0.0.7)
      backports (= 2.3.0)
      cabin (~> 0.4.3)
      clamp
      json
    i18n (0.6.11)
    json (1.7.7)
    json-schema (2.2.2)
    launchy (2.4.2)
      addressable (~> 2.3)
    method_source (0.8.2)
    mime-types (1.21)
    minitest (5.4.0)
    netrc (0.7.7)
    pry (0.10.0)
      coderay (~> 1.1.0)
      method_source (~> 0.8.1)
      slop (~> 3.4)
    pry (0.10.0-x86-mingw32)
      coderay (~> 1.1.0)
      method_source (~> 0.8.1)
      slop (~> 3.4)
      win32console (~> 1.3)
    rake (10.0.3)
    rdoc (4.1.1)
      json (~> 1.4)
    rest-client (1.6.8)
      mime-types (~> 1.16)
      rdoc (>= 2.4.2)
    rr (1.0.4)
    rspec (2.12.0)
      rspec-core (~> 2.12.0)
      rspec-expectations (~> 2.12.0)
      rspec-mocks (~> 2.12.0)
    rspec-core (2.12.2)
    rspec-expectations (2.12.1)
      diff-lcs (~> 1.1.3)
    rspec-mocks (2.12.2)
    rubyzip (1.1.6)
    slop (3.5.0)
    sqlite3 (1.3.7)
    sqlite3 (1.3.7-x86-mingw32)
    thread_safe (0.3.4)
    turbot-api (0.0.14)
      rest-client (~> 1.6.1)
      rubyzip
    turbot-runner (0.1.0)
      json-schema (= 2.2.2)
    tzinfo (1.2.1)
      thread_safe (~> 0.1)
    webmock (1.9.0)
      addressable (>= 2.2.7)
      crack (>= 0.1.7)
    win32console (1.3.2-x86-mingw32)
    xml-simple (1.1.2)

PLATFORMS
  ruby
  x86-mingw32

DEPENDENCIES
  aws-s3
  debugger
  excon
  fakefs
  fpm
  jruby-openssl
  json
  pry
  rake (>= 0.8.7)
  rr (~> 1.0.2)
  rspec (>= 2.0)
  sqlite3
  turbot!
  webmock
